GEM
  remote: https://rubygems.org/
  specs:
    ast (2.3.0)
    bindata (2.1.0)
    minitest (5.5.1)
    parser (2.3.1.2)
      ast (~> 2.2)
    powerpack (0.1.1)
    rainbow (2.1.0)
    require_all (1.3.2)
    rubocop (0.42.0)
      parser (>= 2.3.1.1, < 3.0)
      powerpack (~> 0.1)
      rainbow (>= 1.99.1, < 3.0)
      ruby-progressbar (~> 1.7)
      unicode-display_width (~> 1.0, >= 1.0.1)
    ruby-progressbar (1.8.1)
    unicode-display_width (1.1.0)

PLATFORMS
  x86-mingw32

DEPENDENCIES
  bindata
  minitest
  require_all
  rubocop

RUBY VERSION
   ruby 2.3.1p112

BUNDLED WITH
   1.12.5
