GEM
  remote: https://rubygems.org/
  specs:
    bindata (2.1.0)
    minitest (5.5.1)
    require_all (1.3.2)
    require_relative (1.0.3)
    shoulda-context (1.2.1)

PLATFORMS
  x86-mingw32

DEPENDENCIES
  bindata
  minitest
  require_all
  require_relative
  shoulda-context
