GEM
  remote: https://rubygems.org/
  specs:
    bindata (2.1.0)
    minitest (5.5.1)
    require_all (1.3.2)
    shoulda-context (1.2.1)

PLATFORMS
  x86-mingw32

DEPENDENCIES
  bindata
  minitest
  require_all
  shoulda-context

RUBY VERSION
   ruby 2.3.1p112

BUNDLED WITH
   1.12.5
